GEM
  remote: http://rubygems.org/
  specs:
    activerecord-mysql2-adapter (0.0.3)
      mysql2
    activerecord-postgresql-adapter (0.0.1)
      pg
    diff-lcs (1.1.3)
    mysql2 (0.3.14)
    pg (0.17.1)
    rake (10.1.1)
    rspec (2.4.0)
      rspec-core (~> 2.4.0)
      rspec-expectations (~> 2.4.0)
      rspec-mocks (~> 2.4.0)
    rspec-core (2.4.0)
    rspec-expectations (2.4.0)
      diff-lcs (~> 1.1.2)
    rspec-mocks (2.4.0)

PLATFORMS
  ruby

DEPENDENCIES
  activerecord-jdbcmysql-adapter
  activerecord-jdbcpostgresql-adapter
  activerecord-mysql2-adapter
  activerecord-postgresql-adapter
  bundler
  rake
  rspec (~> 2.4.0)
