GEM
  remote: http://rubygems.org/
  specs:
    diff-lcs (1.1.3)
    rake (10.1.1)
    rspec (2.4.0)
      rspec-core (~> 2.4.0)
      rspec-expectations (~> 2.4.0)
      rspec-mocks (~> 2.4.0)
    rspec-core (2.4.0)
    rspec-expectations (2.4.0)
      diff-lcs (~> 1.1.2)
    rspec-mocks (2.4.0)

PLATFORMS
  ruby

DEPENDENCIES
  bundler
  rake
  rspec (~> 2.4.0)

BUNDLED WITH
   1.12.3
